GIT
  remote: https://github.com/PadawanBreslau/philio-uci
  revision: 44842e9ccb21602e9dc3c975f16deeee28439a99
  specs:
    philio_uci (0.0.4)

GEM
  remote: https://rubygems.org/
  specs:
    coderay (1.1.1)
    method_source (0.8.2)
    pry (0.10.3)
      coderay (~> 1.1.0)
      method_source (~> 0.8.1)
      slop (~> 3.4)
    rack (1.6.5)
    rack-protection (1.5.3)
      rack
    redis (3.2.2)
    sinatra (1.4.7)
      rack (~> 1.5)
      rack-protection (~> 1.4)
      tilt (>= 1.3, < 3)
    slop (3.6.0)
    tilt (2.0.5)

PLATFORMS
  ruby

DEPENDENCIES
  philio_uci!
  pry
  redis
  sinatra

BUNDLED WITH
   1.13.6
